GEM
  remote: http://rubygems.org/
  specs:
    daemons (1.1.8)
    em-synchrony (1.0.1)
      eventmachine (>= 1.0.0.beta.1)
    eventmachine (1.0.0.beta.4)
    faye-websocket (0.4.5)
      eventmachine (>= 0.12.0)
    rack (1.4.1)
    rack-stream (0.0.3)
      em-synchrony
      eventmachine
      faye-websocket
      rack
    thin (1.3.1)
      daemons (>= 1.0.9)
      eventmachine (>= 0.12.6)
      rack (>= 1.0.0)

PLATFORMS
  ruby

DEPENDENCIES
  rack-stream
  thin
